PATH
  remote: .
  specs:
    Fortune (0.1.0)
      httparty

GEM
  remote: https://rubygems.org/
  specs:
    coderay (1.1.2)
    httparty (0.21.0)
      mini_mime (>= 1.0.0)
      multi_xml (>= 0.5.2)
    method_source (0.9.2)
    mini_mime (1.1.2)
    multi_xml (0.6.0)
    pry (0.12.2)
      coderay (~> 1.1.0)
      method_source (~> 0.9.0)
    rake (10.5.0)

PLATFORMS
  ruby

DEPENDENCIES
  Fortune!
  bundler (~> 1.10)
  pry
  rake (~> 10.0)

BUNDLED WITH
   1.17.3
