PATH
  remote: .
  specs:
    Fortune (0.1.0)
      httparty
      nokogiri

GEM
  remote: https://rubygems.org/
  specs:
    coderay (1.1.2)
    httparty (0.18.0)
      mime-types (~> 3.0)
      multi_xml (>= 0.5.2)
    method_source (0.9.2)
    mime-types (3.3.1)
      mime-types-data (~> 3.2015)
    mime-types-data (3.2019.1009)
    mini_portile2 (2.4.0)
    multi_xml (0.6.0)
    nokogiri (1.10.9)
      mini_portile2 (~> 2.4.0)
    pry (0.12.2)
      coderay (~> 1.1.0)
      method_source (~> 0.9.0)
    rake (10.5.0)

PLATFORMS
  ruby

DEPENDENCIES
  Fortune!
  bundler (~> 1.10)
  pry
  rake (~> 10.0)

BUNDLED WITH
   1.17.3
